PATH
  remote: .
  specs:
    nutcat (0.0.1)

GEM
  remote: https://rubygems.org/
  specs:
    catpix (0.2.0)
      docopt (~> 0.5, >= 0.5.0)
      rmagick (~> 2.15, >= 2.15.2)
      ruby-terminfo (~> 0.1, >= 0.1.1)
      tco (~> 0.1, >= 0.1.8)
    diff-lcs (1.2.5)
    docopt (0.5.0)
    rmagick (2.15.4)
    rspec (3.3.0)
      rspec-core (~> 3.3.0)
      rspec-expectations (~> 3.3.0)
      rspec-mocks (~> 3.3.0)
    rspec-core (3.3.2)
      rspec-support (~> 3.3.0)
    rspec-expectations (3.3.1)
      diff-lcs (>= 1.2.0, < 2.0)
      rspec-support (~> 3.3.0)
    rspec-mocks (3.3.2)
      diff-lcs (>= 1.2.0, < 2.0)
      rspec-support (~> 3.3.0)
    rspec-support (3.3.0)
    ruby-terminfo (0.1.1)
    tco (0.1.8)

PLATFORMS
  ruby

DEPENDENCIES
  bundler (~> 1.10)
  catpix
  nutcat!
  rspec (~> 3.3, >= 3.3.0)

BUNDLED WITH
   1.10.6
